PATH
  remote: .
  specs:
    pruby (0.3.0)
      forkjoin
      ruby-processing
      system

GEM
  remote: https://rubygems.org/
  specs:
    abstract_type (0.0.7)
    adamantium (0.2.0)
      ice_nine (~> 0.11.0)
      memoizable (~> 0.4.0)
    ast (2.0.0)
    coderay (1.1.0)
    concord (0.1.5)
      adamantium (~> 0.2.0)
      equalizer (~> 0.0.9)
    diff-lcs (1.2.5)
    equalizer (0.0.11)
    ffi (1.9.8-java)
    flay (2.6.1)
      ruby_parser (~> 3.0)
      sexp_processor (~> 4.0)
    flog (4.3.2)
      ruby_parser (~> 3.1, > 3.1.0)
      sexp_processor (~> 4.4)
    forkjoin (1.0.1-java)
      jsr166y
    ice_nine (0.11.1)
    jsr166y (20120125)
    memoizable (0.4.2)
      thread_safe (~> 0.3, >= 0.3.1)
    method_source (0.8.2)
    minitest (5.7.0)
    parser (2.2.2.5)
      ast (>= 1.1, < 3.0)
    procto (0.0.2)
    pry (0.10.1-java)
      coderay (~> 1.1.0)
      method_source (~> 0.8.1)
      slop (~> 3.4)
      spoon (~> 0.0)
    rainbow (2.0.0)
    rake (10.4.2)
    reek (2.2.1)
      parser (~> 2.2)
      rainbow (~> 2.0)
      unparser (~> 0.2.2)
    ruby-processing (2.6.16)
    ruby_parser (3.7.0)
      sexp_processor (~> 4.1)
    sexp_processor (4.6.0)
    slop (3.6.0)
    spoon (0.0.4)
      ffi
    system (0.1.3)
      version (~> 1.0.0)
    thread_safe (0.3.5-java)
    unparser (0.2.4)
      abstract_type (~> 0.0.7)
      adamantium (~> 0.2.0)
      concord (~> 0.1.5)
      diff-lcs (~> 1.2.5)
      equalizer (~> 0.0.9)
      parser (~> 2.2.2)
      procto (~> 0.0.2)
    version (1.0.0)
    yard (0.8.7.6)

PLATFORMS
  java

DEPENDENCIES
  bundler (~> 1.7)
  flay
  flog
  minitest
  pruby!
  pry
  rake (~> 10.0)
  reek
  yard

BUNDLED WITH
   1.11.2
